PATH
  remote: .
  specs:
    cinemastar (0.0.1)
      foreman
      sinatra

GEM
  remote: https://rubygems.org/
  specs:
    foreman (0.61.0)
      thor (>= 0.13.6)
    rack (1.5.2)
    rack-protection (1.3.2)
      rack
    sinatra (1.3.4)
      rack (~> 1.4)
      rack-protection (~> 1.3)
      tilt (~> 1.3, >= 1.3.3)
    thor (0.17.0)
    tilt (1.3.3)

PLATFORMS
  ruby

DEPENDENCIES
  cinemastar!
